PATH
  remote: .
  specs:
    overriaktion (0.0.1)
      httparty
      methadone

GEM
  remote: http://rubygems.org/
  specs:
    addressable (2.2.6)
    aruba (0.4.6)
      bcat (>= 0.6.1)
      childprocess (>= 0.2.0)
      cucumber (>= 1.0.2)
      rdiscount (>= 1.6.8)
      rspec (>= 2.6.0)
    bcat (0.6.2)
      rack (~> 1.0)
    builder (3.0.0)
    childprocess (0.2.2)
      ffi (~> 1.0.6)
    crack (0.3.1)
    cucumber (1.1.0)
      builder (>= 2.1.2)
      diff-lcs (>= 1.1.2)
      gherkin (~> 2.5.0)
      json (>= 1.4.6)
      term-ansicolor (>= 1.0.6)
    diff-lcs (1.1.3)
    ffi (1.0.9)
    gherkin (2.5.1)
      json (>= 1.4.6)
    guard (0.8.4)
      thor (~> 0.14.6)
    guard-cucumber (0.7.3)
      cucumber (>= 0.10)
      guard (>= 0.8.3)
    guard-rspec (0.5.0)
      guard (>= 0.8.4)
    httparty (0.8.1)
      multi_json
      multi_xml
    json (1.6.1)
    methadone (0.3.0)
    multi_json (1.0.3)
    multi_xml (0.4.1)
    rack (1.3.4)
    rake (0.9.2)
    rdiscount (1.6.8)
    rdoc (3.10)
      json (~> 1.4)
    rspec (2.6.0)
      rspec-core (~> 2.6.0)
      rspec-expectations (~> 2.6.0)
      rspec-mocks (~> 2.6.0)
    rspec-core (2.6.4)
    rspec-expectations (2.6.0)
      diff-lcs (~> 1.1.2)
    rspec-mocks (2.6.0)
    term-ansicolor (1.0.6)
    thor (0.14.6)
    webmock (1.7.6)
      addressable (~> 2.2, > 2.2.5)
      crack (>= 0.1.7)

PLATFORMS
  ruby

DEPENDENCIES
  aruba
  guard
  guard-cucumber
  guard-rspec
  overriaktion!
  rake (~> 0.9.2)
  rdoc
  rspec
  webmock
